GEM
  remote: https://rubygems.org/
  specs:
    archive-zip (0.7.0)
      io-like (~> 0.3.0)
    childprocess (0.7.1)
      ffi (~> 1.0, >= 1.0.11)
    chromedriver-helper (1.1.0)
      archive-zip (~> 0.7.0)
      nokogiri (~> 1.6)
    colorize (0.8.1)
    docile (1.1.5)
    ffi (1.9.18)
    io-like (0.3.0)
    json (2.1.0)
    mini_portile2 (2.2.0)
    nokogiri (1.8.1)
      mini_portile2 (~> 2.2.0)
    rubyzip (1.2.1)
    selenium-webdriver (3.5.1)
      childprocess (~> 0.5)
      rubyzip (~> 1.0)
    simplecov (0.15.1)
      docile (~> 1.1.0)
      json (>= 1.8, < 3)
      simplecov-html (~> 0.10.0)
    simplecov-html (0.10.2)
    webdriver-firefox (0.0.15)
      selenium-webdriver

PLATFORMS
  ruby

DEPENDENCIES
  chromedriver-helper
  colorize
  selenium-webdriver
  simplecov
  webdriver-firefox

BUNDLED WITH
   1.12.5
